GEM
  remote: http://rubygems.org/
  specs:
    aws_cf_signer (0.1.3)
    bcrypt (3.1.10-x64-mingw32)
    cloudinary (1.1.0)
      aws_cf_signer
      rest-client
    domain_name (0.5.25)
      unf (>= 0.0.5, < 1.0.0)
    ffi (1.9.10-x64-mingw32)
    http-cookie (1.0.2)
      domain_name (~> 0.5)
    mail (2.6.4)
      mime-types (>= 1.16, < 4)
    mime-types (2.99)
    netrc (0.11.0)
    passenger (5.0.21)
      rack
      rake (>= 0.8.1)
    pg (0.18.2-x64-mingw32)
    pony (1.11)
      mail (>= 2.0)
    rack (1.6.4)
    rack-protection (1.5.3)
      rack
    rake (10.4.2)
    rest-client (1.8.0-x64-mingw32)
      ffi (~> 1.9)
      http-cookie (>= 1.0.2, < 2.0)
      mime-types (>= 1.16, < 3.0)
      netrc (~> 0.7)
    sequel (4.30.0)
    sinatra (1.4.6)
      rack (~> 1.4)
      rack-protection (~> 1.4)
      tilt (>= 1.3, < 3)
    tilt (2.0.1)
    unf (0.1.4)
      unf_ext
    unf_ext (0.0.7.1-x64-mingw32)

PLATFORMS
  x64-mingw32

DEPENDENCIES
  bcrypt
  cloudinary
  passenger
  pg
  pony
  rake
  sequel
  sinatra
